GIT
  remote: https://github.com/hasumikin/rabbit.git
  revision: d2d0d3a81c9c39bf259b758a42576d9654a9e47f
  branch: arbitrary_pdf_size
  specs:
    rabbit (3.0.2)
      coderay (>= 1.0.0)
      faraday
      gdk_pixbuf2 (>= 3.0.9)
      gettext (>= 3.0.1)
      gtk3
      hikidoc
      kramdown-parser-gfm
      nokogiri
      poppler (>= 3.2.5)
      rdtool
      rouge
      rsvg2 (>= 3.1.4)
      rttool

GEM
  remote: https://rubygems.org/
  specs:
    atk (3.4.9)
      glib2 (= 3.4.9)
    cairo (1.17.5)
      native-package-installer (>= 1.0.3)
      pkg-config (>= 1.2.2)
      red-colors
    cairo-gobject (3.4.9)
      cairo (>= 1.16.2)
      glib2 (= 3.4.9)
    coderay (1.1.3)
    faraday (1.8.0)
      faraday-em_http (~> 1.0)
      faraday-em_synchrony (~> 1.0)
      faraday-excon (~> 1.1)
      faraday-httpclient (~> 1.0.1)
      faraday-net_http (~> 1.0)
      faraday-net_http_persistent (~> 1.1)
      faraday-patron (~> 1.0)
      faraday-rack (~> 1.0)
      multipart-post (>= 1.2, < 3)
      ruby2_keywords (>= 0.0.4)
    faraday-em_http (1.0.0)
    faraday-em_synchrony (1.0.0)
    faraday-excon (1.1.0)
    faraday-httpclient (1.0.1)
    faraday-net_http (1.0.1)
    faraday-net_http_persistent (1.2.0)
    faraday-patron (1.0.0)
    faraday-rack (1.0.0)
    gdk3 (3.4.9)
      cairo-gobject (= 3.4.9)
      gdk_pixbuf2 (= 3.4.9)
      pango (= 3.4.9)
    gdk_pixbuf2 (3.4.9)
      gio2 (= 3.4.9)
    gettext (3.4.1)
      locale (>= 2.0.5)
      text (>= 1.3.0)
    gio2 (3.4.9)
      gobject-introspection (= 3.4.9)
    glib2 (3.4.9)
      native-package-installer (>= 1.0.3)
      pkg-config (>= 1.3.5)
    gobject-introspection (3.4.9)
      glib2 (= 3.4.9)
    gtk3 (3.4.9)
      atk (= 3.4.9)
      gdk3 (= 3.4.9)
      gdk_pixbuf2 (= 3.4.9)
      gio2 (= 3.4.9)
      pango (= 3.4.9)
    hikidoc (0.1.0)
    kramdown (2.3.1)
      rexml
    kramdown-parser-gfm (1.1.0)
      kramdown (~> 2.0)
    locale (2.1.3)
    matrix (0.4.2)
    multipart-post (2.1.1)
    native-package-installer (1.1.1)
    nokogiri (1.12.5-x86_64-linux)
      racc (~> 1.4)
    pango (3.4.9)
      cairo-gobject (= 3.4.9)
      gobject-introspection (= 3.4.9)
    pkg-config (1.4.6)
    poppler (3.4.9)
      cairo-gobject (= 3.4.9)
      gio2 (= 3.4.9)
    racc (1.5.2)
    rake (13.0.6)
    rdtool (0.6.38)
    red-colors (0.3.0)
      matrix
    rexml (3.2.5)
    rouge (3.26.1)
    rsvg2 (3.4.9)
      cairo-gobject (= 3.4.9)
      gdk_pixbuf2 (= 3.4.9)
    rttool (1.0.3.0)
    ruby2_keywords (0.0.5)
    text (1.3.1)

PLATFORMS
  x86_64-linux

DEPENDENCIES
  rabbit!
  rake

BUNDLED WITH
   2.2.17
